GEM
  remote: https://rubygems.org/
  specs:
    activesupport (4.2.3)
      i18n (~> 0.7)
      json (~> 1.7, >= 1.7.7)
      minitest (~> 5.1)
      thread_safe (~> 0.3, >= 0.3.4)
      tzinfo (~> 1.1)
    addressable (2.3.6)
    airbrake (3.2.1)
      builder
      multi_json
    amq-protocol (1.9.2)
    builder (2.1.2)
    bunny (1.7.0)
      amq-protocol (>= 1.9.2)
    crack (0.4.2)
      safe_yaml (~> 1.0.0)
    curb (0.8.8)
    deepstruct (0.0.7)
    diff-lcs (1.2.5)
    docile (1.1.5)
    excon (0.45.4)
    ffprober (0.5.1)
    futurevalue (0.0.2)
    i18n (0.7.0)
    json (1.8.3)
    kgio (2.9.2)
    mercenary (0.3.5)
    mime-types (1.25.1)
    mini_portile (0.6.2)
    minitest (5.7.0)
    multi_json (1.10.1)
    nokogiri (1.6.6.2)
      mini_portile (~> 0.6.0)
    pathbuilder (0.0.2)
    pebblebed (0.3.3)
      activesupport
      bunny
      curb (>= 0.8.4)
      deepstruct (>= 0.0.4)
      futurevalue
      nokogiri
      pathbuilder
      queryparams
      yajl-ruby
    pebbles-river (0.2.6)
      activesupport (>= 3.0)
      bunny (~> 1.7.0)
      mercenary (~> 0.3.3)
      pebblebed (>= 0.3.0)
      servolux (~> 0.10)
    proxies (0.2.1)
    queryparams (0.0.3)
    rack (1.5.2)
    rack-protection (1.5.3)
      rack
    rack-test (0.6.2)
      rack (>= 1.0)
    raindrops (0.13.0)
    rspec (3.1.0)
      rspec-core (~> 3.1.0)
      rspec-expectations (~> 3.1.0)
      rspec-mocks (~> 3.1.0)
    rspec-core (3.1.1)
      rspec-support (~> 3.1.0)
    rspec-expectations (3.1.0)
      diff-lcs (>= 1.2.0, < 2.0)
      rspec-support (~> 3.1.0)
    rspec-mocks (3.1.0)
      rspec-support (~> 3.1.0)
    rspec-support (3.1.0)
    s3 (0.3.8)
      proxies (~> 0.2.0)
    safe_yaml (1.0.4)
    scashin133-syslog_logger (1.7.3)
    servolux (0.12.0)
    simplecov (0.9.0)
      docile (~> 1.1.0)
      multi_json
      simplecov-html (~> 0.8.0)
    simplecov-html (0.8.0)
    sinatra (1.4.5)
      rack (~> 1.4)
      rack-protection (~> 1.4)
      tilt (~> 1.3, >= 1.3.4)
    thread_safe (0.3.5)
    tilt (1.4.1)
    tzinfo (1.2.2)
      thread_safe (~> 0.1)
    unicorn (4.8.3)
      kgio (~> 2.6)
      rack
      raindrops (~> 0.7)
    webmock (1.18.0)
      addressable (>= 2.3.6)
      crack (>= 0.3.2)
    xml-simple (1.1.4)
    yajl-ruby (1.2.1)

PLATFORMS
  ruby

DEPENDENCIES
  activesupport (~> 4.0)
  airbrake (~> 3.1)
  builder (~> 2.1)
  excon (~> 0.45)
  ffprober (~> 0.5.1)
  i18n (>= 0.4)
  json (~> 1.7)
  mime-types (~> 1.16)
  nokogiri (~> 1.6.1)
  pebblebed (~> 0.3.0)
  pebbles-river (~> 0.2.0)
  rack-test
  rspec
  s3 (= 0.3.8)
  scashin133-syslog_logger (~> 1.7)
  simplecov
  sinatra (~> 1.2)
  unicorn (~> 4.8.3)
  webmock (>= 1.11)
  xml-simple (~> 1.0)

BUNDLED WITH
   1.11.2
